GEM
  remote: http://rubygems.org/
  specs:
    activesupport (3.2.13)
      i18n (= 0.6.1)
      multi_json (~> 1.0)
    awesome_print (1.1.0)
    chunky_png (1.2.6)
    columnize (0.3.6)
    compass (0.12.2)
      chunky_png (~> 1.2)
      fssm (>= 0.2.7)
      sass (~> 3.1)
    configatron (2.9.1)
      yamler (>= 0.1.0)
    cover_me (1.2.0)
      configatron
      hashie
    debugger (1.2.2)
      columnize (>= 0.3.1)
      debugger-linecache (~> 1.1.1)
      debugger-ruby_core_source (~> 1.1.5)
    debugger-linecache (1.1.2)
      debugger-ruby_core_source (>= 1.1.1)
    debugger-ruby_core_source (1.1.5)
    diff-lcs (1.1.3)
    fssm (0.2.9)
    haml (3.1.7)
    hashie (1.2.0)
    hirb (0.7.0)
    i18n (0.6.1)
    json (1.7.5)
    kgio (2.7.4)
    multi_json (1.15.0)
    rack (1.4.1)
    rack-protection (1.2.0)
      rack
    raindrops (0.10.0)
    rake (10.0.2)
    rspec (2.12.0)
      rspec-core (~> 2.12.0)
      rspec-expectations (~> 2.12.0)
      rspec-mocks (~> 2.12.0)
    rspec-core (2.12.0)
    rspec-expectations (2.12.0)
      diff-lcs (~> 1.1.3)
    rspec-mocks (2.12.0)
    sass (3.2.3)
    sinatra (1.3.3)
      rack (~> 1.3, >= 1.3.6)
      rack-protection (~> 1.2)
      tilt (~> 1.3, >= 1.3.3)
    tilt (1.3.3)
    tzinfo (0.3.35)
    unicorn (4.4.0)
      kgio (~> 2.6)
      rack
      raindrops (~> 0.7)
    yamler (0.1.0)

PLATFORMS
  ruby

DEPENDENCIES
  activesupport
  awesome_print
  compass
  cover_me
  debugger
  haml
  hirb
  i18n
  json
  rake
  rspec
  sass (~> 3.2.0.alpha)
  sinatra
  tzinfo
  unicorn
